GEM
  remote: https://rubygems.org/
  specs:
    byebug (11.0.1)
    ffi (1.11.1)
    mini_magick (4.9.3)
    vips (8.8.0.3)
      ffi (~> 1.9)

PLATFORMS
  ruby

DEPENDENCIES
  byebug
  mini_magick
  vips

RUBY VERSION
   ruby 2.5.1p57

BUNDLED WITH
   1.16.2
